PATH
  remote: .
  specs:
    tippy_zou (0.1.0)
      bundler (~> 2.2.32)
      rake (~> 13.0)
      rspec (~> 3.10.0)

GEM
  remote: https://rubygems.org/
  specs:
    diff-lcs (1.5.0)
    rake (13.0.3)
    rspec (3.10.0)
      rspec-core (~> 3.10.0)
      rspec-expectations (~> 3.10.0)
      rspec-mocks (~> 3.10.0)
    rspec-core (3.10.1)
      rspec-support (~> 3.10.0)
    rspec-expectations (3.10.1)
      diff-lcs (>= 1.2.0, < 2.0)
      rspec-support (~> 3.10.0)
    rspec-mocks (3.10.2)
      diff-lcs (>= 1.2.0, < 2.0)
      rspec-support (~> 3.10.0)
    rspec-support (3.10.3)

PLATFORMS
  x64-mingw32

DEPENDENCIES
  rake (~> 13.0)
  tippy_zou!

BUNDLED WITH
   2.2.32
